PATH
  remote: .
  specs:
    livekit-server-sdk (0.8.3)
      google-protobuf (>= 3.21.0, < 4.0)
      jwt (>= 2.2.3, < 3.0)
      rack (>= 2.2.3)
      twirp (>= 1.10.0, < 2.0)

GEM
  remote: https://rubygems.org/
  specs:
    base64 (0.2.0)
    coderay (1.1.3)
    diff-lcs (1.5.0)
    faraday (2.10.1)
      faraday-net_http (>= 2.0, < 3.2)
      logger
    faraday-net_http (3.1.1)
      net-http
    google-protobuf (3.25.4)
    jwt (2.8.2)
      base64
    logger (1.6.5)
    method_source (1.0.0)
    net-http (0.4.1)
      uri
    pry (0.14.2)
      coderay (~> 1.1)
      method_source (~> 1.0)
    pry-doc (1.4.0)
      pry (~> 0.11)
      yard (~> 0.9.11)
    rack (3.1.7)
    rake (13.0.6)
    rspec (3.12.0)
      rspec-core (~> 3.12.0)
      rspec-expectations (~> 3.12.0)
      rspec-mocks (~> 3.12.0)
    rspec-core (3.12.1)
      rspec-support (~> 3.12.0)
    rspec-expectations (3.12.2)
      diff-lcs (>= 1.2.0, < 2.0)
      rspec-support (~> 3.12.0)
    rspec-mocks (3.12.3)
      diff-lcs (>= 1.2.0, < 2.0)
      rspec-support (~> 3.12.0)
    rspec-support (3.12.0)
    twirp (1.10.0)
      faraday (< 3)
      google-protobuf (~> 3.0, >= 3.7.0)
    uri (0.13.0)
    webrick (1.7.0)
    yard (0.9.28)
      webrick (~> 1.7.0)

PLATFORMS
  ruby
  x86_64-linux

DEPENDENCIES
  livekit-server-sdk!
  pry
  pry-doc
  rake
  rspec
  yard

BUNDLED WITH
   2.3.7
